RESTRICTION: >= net45
NUGET
  remote: https://api.nuget.org/v3/index.json
    Caliburn.Micro (3.2)
      Caliburn.Micro.Core (3.2)
    Caliburn.Micro.Core (3.2)
    ControlzEx (4.0.0-alpha0196)
    Costura.Fody (3.1.6)
      Fody (>= 3.2.12) - restriction: >= net46
    ExposedObject (1.2)
    Fody (3.2.16)
    gitlink (3.2.0-unstable0040) - copy_local: true
    JetBrains.Annotations (2018.2.1) - copy_local: true
    MahApps.Metro.IconPacks (3.0.0-alpha0087)
    MaterialDesignColors (1.1.3)
    MaterialDesignThemes (2.5.1-ci1224)
      MaterialDesignColors (>= 1.1)
    Newtonsoft.Json (11.0.2)
    NHotkey (1.2.1)
    NHotkey.Wpf (1.2.1)
      NHotkey (>= 1.2.1)
    WpfAnalyzers (2.2.0.2) - copy_local: true
    XamlColorSchemeGenerator (3.0.0.31)
      Newtonsoft.Json (>= 10.1)

GROUP cake
RESTRICTION: == net45
NUGET
  remote: https://api.nuget.org/v3/index.json
    Cake (0.30)
    Cake.Figlet (1.2)
    Cake.Paket (4.0)
    Cake.Paket.Module (4.0)
    gitreleasemanager (0.7.1)
    GitVersion.CommandLine (4.0.1-beta1-26)
    vswhere (2.5.2)
    xunit.runner.console (2.4.1)

GROUP test
RESTRICTION: >= net45
NUGET
  remote: https://api.nuget.org/v3/index.json
    Microsoft.CodeCoverage (15.9)
    Microsoft.NET.Test.Sdk (15.9)
      Microsoft.CodeCoverage (>= 15.9)
    Microsoft.NETCore.Platforms (2.1.1) - restriction: || (&& (>= net45) (< net452) (< netstandard1.3)) (&& (>= net45) (>= netcoreapp2.0)) (&& (>= net45) (< netstandard1.0)) (&& (>= net45) (< netstandard1.3) (>= wpa81)) (&& (>= net45) (< portable-net45+win8+wpa81)) (&& (>= net45) (>= uap10.0)) (&& (>= net45) (>= wp8)) (&& (< net452) (>= net46) (< netstandard1.4)) (&& (< net452) (>= net461))
    NETStandard.Library (2.0.3) - restriction: && (>= net45) (< net452)
      Microsoft.NETCore.Platforms (>= 1.1)
      System.Runtime.InteropServices.RuntimeInformation (>= 4.3) - restriction: || (&& (>= net45) (< netstandard1.0)) (&& (>= net45) (< netstandard1.3)) (&& (>= net45) (>= uap10.0)) (&& (>= net46) (< netstandard1.4))
    System.Runtime.InteropServices.RuntimeInformation (4.3) - restriction: || (&& (>= net45) (< net452) (< netstandard1.3)) (&& (>= net45) (< netstandard1.0)) (&& (>= net45) (< netstandard1.3) (>= wpa81)) (&& (>= net45) (>= uap10.0)) (&& (< net452) (>= net46) (< netstandard1.4))
    xunit (2.4.1)
      xunit.analyzers (>= 0.10)
      xunit.assert (2.4.1)
      xunit.core (2.4.1)
    xunit.abstractions (2.0.3)
    xunit.analyzers (0.10)
    xunit.assert (2.4.1)
      NETStandard.Library (>= 1.6.1) - restriction: && (>= net45) (< net452)
    xunit.core (2.4.1)
      xunit.extensibility.core (2.4.1)
      xunit.extensibility.execution (2.4.1)
    xunit.extensibility.core (2.4.1)
      NETStandard.Library (>= 1.6.1) - restriction: && (>= net45) (< net452)
      xunit.abstractions (>= 2.0.3)
    xunit.extensibility.execution (2.4.1)
      NETStandard.Library (>= 1.6.1) - restriction: && (>= net45) (< net452)
      xunit.extensibility.core (2.4.1)
    xunit.runner.visualstudio (2.4.1)
